GEM
  remote: https://rubygems.org/
  specs:
    macinbox (4.0.0)

PLATFORMS
  ruby

DEPENDENCIES
  macinbox (~> 4.0)

BUNDLED WITH
   1.17.3
